GEM
  remote: https://rubygems.org/
  specs:
    byebug (11.1.3)
    nokogiri (1.14.2-x86_64-linux)
      racc (~> 1.4)
    racc (1.6.2)

PLATFORMS
  x86_64-linux

DEPENDENCIES
  byebug
  nokogiri

BUNDLED WITH
   2.3.3
